GEM
  remote: https://rubygems.org/
  specs:
    addressable (2.3.6)
    byebug (3.2.0)
      columnize (~> 0.8)
      debugger-linecache (~> 1.2)
    columnize (0.8.9)
    crack (0.4.2)
      safe_yaml (~> 1.0.0)
    debugger-linecache (1.2.0)
    diff-lcs (1.2.5)
    oauth (0.4.7)
    rspec (3.0.0)
      rspec-core (~> 3.0.0)
      rspec-expectations (~> 3.0.0)
      rspec-mocks (~> 3.0.0)
    rspec-core (3.0.2)
      rspec-support (~> 3.0.0)
    rspec-expectations (3.0.2)
      diff-lcs (>= 1.2.0, < 2.0)
      rspec-support (~> 3.0.0)
    rspec-mocks (3.0.2)
      rspec-support (~> 3.0.0)
    rspec-support (3.0.2)
    safe_yaml (1.0.3)
    vcr (2.9.2)
    webmock (1.18.0)
      addressable (>= 2.3.6)
      crack (>= 0.3.2)

PLATFORMS
  ruby

DEPENDENCIES
  byebug
  oauth
  rspec
  vcr
  webmock
